GIT
  remote: git://github.com/plataformatec/devise.git
  revision: 1d8890b77372b9c4fd3ec8e9b4963d76774ed33c
  branch: lm-rails-4-2
  specs:
    devise (3.3.0)
      bcrypt (~> 3.0)
      orm_adapter (~> 0.1)
      railties (>= 3.2.6, < 5)
      responders
      thread_safe (~> 0.1)
      warden (~> 1.2.3)

GIT
  remote: git://github.com/zlx/tabletastic.git
  revision: 71a7b4315c4b2279d50f72f49c44fab378fb7cb8
  specs:
    tabletastic (0.2.3)
      activesupport (> 3.0)

GIT
  remote: https://github.com/bmabey/database_cleaner.git
  revision: 84cabcaa4f8b4682cea1bf4cd1cb137f9eaececc
  specs:
    database_cleaner (1.3.0)

GEM
  remote: https://rubygems.org/
  specs:
    actionmailer (4.2.0.beta1)
      actionpack (= 4.2.0.beta1)
      actionview (= 4.2.0.beta1)
      mail (~> 2.5, >= 2.5.4)
      rails-dom-testing (~> 1.0, >= 1.0.2)
    actionpack (4.2.0.beta1)
      actionview (= 4.2.0.beta1)
      activesupport (= 4.2.0.beta1)
      rack (~> 1.6.0.beta)
      rack-test (~> 0.6.2)
      rails-deprecated_sanitizer (~> 1.0, >= 1.0.2)
      rails-dom-testing (~> 1.0, >= 1.0.2)
    actionview (4.2.0.beta1)
      activesupport (= 4.2.0.beta1)
      builder (~> 3.1)
      erubis (~> 2.7.0)
      rails-deprecated_sanitizer (~> 1.0, >= 1.0.2)
      rails-dom-testing (~> 1.0, >= 1.0.2)
    activejob (4.2.0.beta1)
      globalid (>= 0.2.3)
    activemodel (4.2.0.beta1)
      activesupport (= 4.2.0.beta1)
      builder (~> 3.1)
    activerecord (4.2.0.beta1)
      activemodel (= 4.2.0.beta1)
      activesupport (= 4.2.0.beta1)
      arel (>= 6.0.0.beta1, < 6.1)
    activesupport (4.2.0.beta1)
      i18n (>= 0.7.0.beta1, < 0.8)
      json (~> 1.7, >= 1.7.7)
      minitest (~> 5.1)
      thread_safe (~> 0.1)
      tzinfo (~> 1.1)
    arel (6.0.0.beta2)
    bcrypt (3.1.9)
    better_errors (2.0.0)
      coderay (>= 1.0.0)
      erubis (>= 2.6.6)
      rack (>= 0.9.0)
    binding_of_caller (0.7.2)
      debug_inspector (>= 0.0.1)
    bootstrap-sass (3.3.1.0)
      sass (~> 3.2)
    builder (3.2.2)
    byebug (3.5.1)
      columnize (~> 0.8)
      debugger-linecache (~> 1.2)
      slop (~> 3.6)
    cancancan (1.9.2)
    capybara (2.4.4)
      mime-types (>= 1.16)
      nokogiri (>= 1.3.3)
      rack (>= 1.0.0)
      rack-test (>= 0.5.4)
      xpath (~> 2.0)
    carrierwave (0.10.0)
      activemodel (>= 3.2.0)
      activesupport (>= 3.2.0)
      json (>= 1.7)
      mime-types (>= 1.16)
    celluloid (0.16.0)
      timers (~> 4.0.0)
    childprocess (0.5.5)
      ffi (~> 1.0, >= 1.0.11)
    coderay (1.1.0)
    coffee-rails (4.0.1)
      coffee-script (>= 2.2.0)
      railties (>= 4.0.0, < 5.0)
    coffee-script (2.3.0)
      coffee-script-source
      execjs
    coffee-script-source (1.8.0)
    columnize (0.8.9)
    cucumber (1.3.17)
      builder (>= 2.1.2)
      diff-lcs (>= 1.1.3)
      gherkin (~> 2.12)
      multi_json (>= 1.7.5, < 2.0)
      multi_test (>= 0.1.1)
    cucumber-rails (1.4.2)
      capybara (>= 1.1.2, < 3)
      cucumber (>= 1.3.8, < 2)
      mime-types (>= 1.16, < 3)
      nokogiri (~> 1.5)
      rails (>= 3, < 5)
    daemons (1.1.9)
    debug_inspector (0.0.2)
    debugger-linecache (1.2.0)
    diff-lcs (1.2.5)
    em-websocket (0.5.1)
      eventmachine (>= 0.12.9)
      http_parser.rb (~> 0.6.0)
    erubis (2.7.0)
    eventmachine (1.0.3)
    execjs (2.2.2)
    factory_girl (4.5.0)
      activesupport (>= 3.0.0)
    factory_girl_rails (4.5.0)
      factory_girl (~> 4.5.0)
      railties (>= 3.0.0)
    faker (1.4.3)
      i18n (~> 0.5)
    ffi (1.9.6)
    formatador (0.2.5)
    gherkin (2.12.2)
      multi_json (~> 1.3)
    globalid (0.3.0)
      activesupport (>= 4.1.0)
    guard (2.8.2)
      formatador (>= 0.2.4)
      listen (~> 2.7)
      lumberjack (~> 1.0)
      pry (>= 0.9.12)
      thor (>= 0.18.1)
    guard-livereload (2.4.0)
      em-websocket (~> 0.5)
      guard (~> 2.8)
      multi_json (~> 1.8)
    guard-rspec (4.3.1)
      guard (~> 2.1)
      rspec (>= 2.14, < 4.0)
    guard-spork (2.0.1)
      childprocess (>= 0.2.3)
      guard (~> 2.8.2)
      spork (>= 0.8.4)
    haml (4.0.5)
      tilt
    haml-rails (0.5.3)
      actionpack (>= 4.0.1)
      activesupport (>= 4.0.1)
      haml (>= 3.1, < 5.0)
      railties (>= 4.0.1)
    hike (1.2.3)
    hitimes (1.2.2)
    http_parser.rb (0.6.0)
    i18n (0.7.0.beta1)
    jbuilder (2.2.5)
      activesupport (>= 3.0.0, < 5)
      multi_json (~> 1.2)
    jquery-rails (3.1.2)
      railties (>= 3.0, < 5.0)
      thor (>= 0.14, < 2.0)
    json (1.8.1)
    kaminari (0.16.1)
      actionpack (>= 3.0.0)
      activesupport (>= 3.0.0)
    listen (2.8.0)
      celluloid (>= 0.15.2)
      rb-fsevent (>= 0.9.3)
      rb-inotify (>= 0.9)
    lumberjack (1.0.9)
    mail (2.6.3)
      mime-types (>= 1.16, < 3)
    method_source (0.8.2)
    mime-types (2.4.3)
    mini_magick (4.0.0)
    mini_portile (0.6.1)
    minitest (5.4.3)
    minitest-rails (2.1.1)
      minitest (~> 5.4)
      railties (~> 4.1)
    multi_json (1.10.1)
    multi_test (0.1.1)
    nested_form_fields (0.5.3)
      rails (>= 3.2.0)
    netrc (0.8.0)
    nokogiri (1.6.4.1)
      mini_portile (~> 0.6.0)
    orm_adapter (0.5.0)
    pg (0.17.1)
    polyamorous (1.1.0)
      activerecord (>= 3.0)
    priceable (0.0.7)
    pry (0.10.1)
      coderay (~> 1.1.0)
      method_source (~> 0.8.1)
      slop (~> 3.4)
    pry-nav (0.2.4)
      pry (>= 0.9.10, < 0.11.0)
    quiet_assets (1.0.3)
      railties (>= 3.1, < 5.0)
    rack (1.6.0.beta)
    rack-test (0.6.2)
      rack (>= 1.0)
    rails (4.2.0.beta1)
      actionmailer (= 4.2.0.beta1)
      actionpack (= 4.2.0.beta1)
      actionview (= 4.2.0.beta1)
      activejob (= 4.2.0.beta1)
      activemodel (= 4.2.0.beta1)
      activerecord (= 4.2.0.beta1)
      activesupport (= 4.2.0.beta1)
      bundler (>= 1.3.0, < 2.0)
      railties (= 4.2.0.beta1)
      sprockets-rails (~> 3.0.0.beta1)
    rails-deprecated_sanitizer (1.0.3)
      activesupport (>= 4.2.0.alpha)
    rails-dom-testing (1.0.4)
      activesupport (>= 4.2.0.beta, < 5.0)
      nokogiri (~> 1.6.0)
      rails-deprecated_sanitizer (>= 1.0.1)
    railties (4.2.0.beta1)
      actionpack (= 4.2.0.beta1)
      activesupport (= 4.2.0.beta1)
      rake (>= 0.8.7)
      thor (>= 0.18.1, < 2.0)
    rake (10.3.2)
    ransack (1.4.1)
      actionpack (>= 3.0)
      activerecord (>= 3.0)
      activesupport (>= 3.0)
      i18n
      polyamorous (~> 1.1)
    rb-fsevent (0.9.4)
    rb-inotify (0.9.5)
      ffi (>= 0.5.0)
    responders (2.0.2)
      railties (>= 4.2.0.alpha, < 5)
    rest-client (1.7.2)
      mime-types (>= 1.16, < 3.0)
      netrc (~> 0.7)
    rspec (3.1.0)
      rspec-core (~> 3.1.0)
      rspec-expectations (~> 3.1.0)
      rspec-mocks (~> 3.1.0)
    rspec-core (3.1.7)
      rspec-support (~> 3.1.0)
    rspec-expectations (3.1.2)
      diff-lcs (>= 1.2.0, < 2.0)
      rspec-support (~> 3.1.0)
    rspec-mocks (3.1.3)
      rspec-support (~> 3.1.0)
    rspec-rails (3.1.0)
      actionpack (>= 3.0)
      activesupport (>= 3.0)
      railties (>= 3.0)
      rspec-core (~> 3.1.0)
      rspec-expectations (~> 3.1.0)
      rspec-mocks (~> 3.1.0)
      rspec-support (~> 3.1.0)
    rspec-support (3.1.2)
    rubyzip (1.1.6)
    sass (3.4.8)
    sass-rails (5.0.0.beta1)
      railties (>= 4.0.0, < 5.0)
      sass (~> 3.2)
      sprockets (~> 2.12)
      sprockets-rails (>= 2.0, < 4.0)
    selenium-webdriver (2.44.0)
      childprocess (~> 0.5)
      multi_json (~> 1.0)
      rubyzip (~> 1.0)
      websocket (~> 1.0)
    shoulda-matchers (2.7.0)
      activesupport (>= 3.0.0)
    simple_form (3.0.2)
      actionpack (~> 4.0)
      activemodel (~> 4.0)
    slop (3.6.0)
    spork (1.0.0rc4)
    spork-rails (4.0.0)
      rails (>= 3.0.0, < 5)
      spork (>= 1.0rc0)
    spring (1.1.3)
    sprockets (2.12.3)
      hike (~> 1.2)
      multi_json (~> 1.0)
      rack (~> 1.0)
      tilt (~> 1.1, != 1.3.0)
    sprockets-rails (3.0.0.beta1)
      actionpack (>= 4.0)
      activesupport (>= 4.0)
      sprockets (~> 2.8)
    stripe (1.16.0)
      json (~> 1.8.1)
      mime-types (>= 1.25, < 3.0)
      rest-client (~> 1.4)
    thin (1.6.3)
      daemons (~> 1.0, >= 1.0.9)
      eventmachine (~> 1.0)
      rack (~> 1.0)
    thor (0.19.1)
    thread_safe (0.3.4)
    tilt (1.4.1)
    timers (4.0.1)
      hitimes
    tzinfo (1.2.2)
      thread_safe (~> 0.1)
    uglifier (2.5.3)
      execjs (>= 0.3.0)
      json (>= 1.8.0)
    warden (1.2.3)
      rack (>= 1.0)
    websocket (1.2.1)
    xpath (2.0.0)
      nokogiri (~> 1.3)

PLATFORMS
  ruby

DEPENDENCIES
  better_errors
  binding_of_caller
  bootstrap-sass
  byebug
  cancancan (~> 1.9)
  capybara
  carrierwave
  childprocess
  coffee-rails (~> 4.0.0)
  cucumber-rails
  database_cleaner!
  devise!
  factory_girl_rails
  faker
  guard-livereload
  guard-rspec
  guard-spork
  haml-rails
  i18n (~> 0.7.0.beta1)
  jbuilder (~> 2.0)
  jquery-rails
  kaminari
  mini_magick
  minitest-rails
  nested_form_fields
  pg
  priceable
  pry
  pry-nav
  quiet_assets
  rails (= 4.2.0.beta1)
  ransack (~> 1.4.1)
  rspec-rails
  sass-rails (~> 5.0.0.beta1)
  selenium-webdriver
  shoulda-matchers
  simple_form
  spork-rails
  spring
  sprockets-rails (~> 3.0.0.beta1)
  stripe
  tabletastic!
  thin
  uglifier (>= 1.3.0)
